PATH
  remote: .
  specs:
    judge0 (0.0.3)
      faraday (>= 1.0.0)

GEM
  remote: https://rubygems.org/
  specs:
    faraday (1.0.1)
      multipart-post (>= 1.2, < 3)
    multipart-post (2.1.1)

PLATFORMS
  ruby

DEPENDENCIES
  judge0!

BUNDLED WITH
   2.1.4
